GEM
  remote: https://rubygems.org/
  specs:
    minitest (5.23.1)

PLATFORMS
  x86_64-linux

DEPENDENCIES
  minitest (~> 5.11)

BUNDLED WITH
   2.4.6
